GIT
  remote: https://github.com/jellybob/activo-rails.git
  revision: 59082478a45613b0345025c4ce402eebb2ee109c
  specs:
    activo-rails (1.0.1)

GIT
  remote: https://github.com/jellybob/decent_exposure.git
  revision: 20c5f8cf31afe592814353119c99a579e4c46419
  specs:
    decent_exposure (1.0.0.rc1)

GIT
  remote: https://github.com/jellybob/mongoid-rspec.git
  revision: 44041f7dc2bae613372a029b50fb30078e70903b
  specs:
    mongoid-rspec (1.3.2)
      mongoid (~> 2.0.0.rc)
      rspec (~> 2)

GEM
  remote: http://rubygems.org/
  specs:
    RedCloth (4.2.7)
    ZenTest (4.4.2)
    abstract (1.0.0)
    actionmailer (3.0.4)
      actionpack (= 3.0.4)
      mail (~> 2.2.15)
    actionpack (3.0.4)
      activemodel (= 3.0.4)
      activesupport (= 3.0.4)
      builder (~> 2.1.2)
      erubis (~> 2.6.6)
      i18n (~> 0.4)
      rack (~> 1.2.1)
      rack-mount (~> 0.6.13)
      rack-test (~> 0.5.7)
      tzinfo (~> 0.3.23)
    activemodel (3.0.4)
      activesupport (= 3.0.4)
      builder (~> 2.1.2)
      i18n (~> 0.4)
    activerecord (3.0.4)
      activemodel (= 3.0.4)
      activesupport (= 3.0.4)
      arel (~> 2.0.2)
      tzinfo (~> 0.3.23)
    activeresource (3.0.4)
      activemodel (= 3.0.4)
      activesupport (= 3.0.4)
    activesupport (3.0.4)
    archive-tar-minitar (0.5.2)
    arel (2.0.8)
    autotest (4.4.6)
      ZenTest (>= 4.4.1)
    bson (1.2.1)
    bson_ext (1.2.1)
    builder (2.1.2)
    capybara (1.0.1)
      mime-types (>= 1.16)
      nokogiri (>= 1.3.3)
      rack (>= 1.0.0)
      rack-test (>= 0.5.4)
      selenium-webdriver (~> 2.0)
      xpath (~> 0.1.4)
    childprocess (0.2.1)
      ffi (~> 1.0.6)
    columnize (0.3.2)
    configuration (1.2.0)
    cucumber (1.0.2)
      builder (>= 2.1.2)
      diff-lcs (>= 1.1.2)
      gherkin (~> 2.4.5)
      json (>= 1.4.6)
      term-ansicolor (>= 1.0.5)
    cucumber-rails (0.3.2)
      cucumber (>= 0.8.0)
    dalli (1.0.2)
    database_cleaner (0.6.3)
    diff-lcs (1.1.2)
    erubis (2.6.6)
      abstract (>= 1.0.0)
    factory_girl (1.3.3)
    ffi (1.0.9)
    foreman (0.13.0)
      term-ansicolor (~> 1.0.5)
      thor (>= 0.13.6)
    formtastic (1.2.3)
      actionpack (>= 2.3.7)
      activesupport (>= 2.3.7)
      i18n (~> 0.4)
    gherkin (2.4.15)
      json (>= 1.4.6)
    hoptoad_notifier (2.4.5)
      activesupport
      builder
    i18n (0.5.0)
    json (1.5.3)
    json_pure (1.5.3)
    kgio (2.4.0)
    launchy (0.3.7)
      configuration (>= 0.0.5)
      rake (>= 0.8.1)
    linecache19 (0.5.11)
      ruby_core_source (>= 0.1.4)
    mail (2.2.15)
      activesupport (>= 2.3.6)
      i18n (>= 0.4.0)
      mime-types (~> 1.16)
      treetop (~> 1.4.8)
    mime-types (1.16)
    mongo (1.2.1)
      bson (>= 1.2.1)
    mongoid (2.0.0.rc.7)
      activemodel (~> 3.0)
      mongo (~> 1.2)
      tzinfo (~> 0.3.22)
      will_paginate (~> 3.0.pre)
    mongoid_slug (0.6.2)
      mongoid (~> 2.0.0.rc.7)
      stringex (~> 1.2.0)
    nokogiri (1.5.0)
    polyglot (0.3.1)
    rack (1.2.3)
    rack-mount (0.6.13)
      rack (>= 1.0.0)
    rack-test (0.5.7)
      rack (>= 1.0)
    rails (3.0.4)
      actionmailer (= 3.0.4)
      actionpack (= 3.0.4)
      activerecord (= 3.0.4)
      activeresource (= 3.0.4)
      activesupport (= 3.0.4)
      bundler (~> 1.0)
      railties (= 3.0.4)
    railties (3.0.4)
      actionpack (= 3.0.4)
      activesupport (= 3.0.4)
      rake (>= 0.8.7)
      thor (~> 0.14.4)
    rake (0.9.2)
    rspec (2.0.1)
      rspec-core (~> 2.0.1)
      rspec-expectations (~> 2.0.1)
      rspec-mocks (~> 2.0.1)
    rspec-core (2.0.1)
    rspec-expectations (2.0.1)
      diff-lcs (>= 1.1.2)
    rspec-mocks (2.0.1)
      rspec-core (~> 2.0.1)
      rspec-expectations (~> 2.0.1)
    rspec-rails (2.0.1)
      rspec (~> 2.0.0)
    ruby-debug-base19 (0.11.24)
      columnize (>= 0.3.1)
      linecache19 (>= 0.5.11)
      ruby_core_source (>= 0.1.4)
    ruby-debug19 (0.11.6)
      columnize (>= 0.3.1)
      linecache19 (>= 0.5.11)
      ruby-debug-base19 (>= 0.11.19)
    ruby_core_source (0.1.4)
      archive-tar-minitar (>= 0.5.2)
    rubyzip (0.9.4)
    selenium-webdriver (2.5.0)
      childprocess (>= 0.2.1)
      ffi (>= 1.0.7)
      json_pure
      rubyzip
    shoulda (2.11.3)
    stringex (1.2.0)
    term-ansicolor (1.0.6)
    thor (0.14.6)
    treetop (1.4.9)
      polyglot (>= 0.3.1)
    tzinfo (0.3.24)
    unicorn (3.6.2)
      kgio (~> 2.3)
      rack
    will_paginate (3.0.pre2)
    xpath (0.1.4)
      nokogiri (~> 1.3)

PLATFORMS
  ruby

DEPENDENCIES
  RedCloth (= 4.2.7)
  activo-rails!
  autotest (= 4.4.6)
  bson_ext (= 1.2.1)
  capybara (= 1.0.1)
  cucumber (= 1.0.2)
  cucumber-rails (= 0.3.2)
  dalli (= 1.0.2)
  database_cleaner (= 0.6.3)
  decent_exposure!
  factory_girl (= 1.3.3)
  foreman (= 0.13.0)
  formtastic (= 1.2.3)
  hoptoad_notifier (= 2.4.5)
  launchy (= 0.3.7)
  mongo (= 1.2.1)
  mongoid (= 2.0.0.rc.7)
  mongoid-rspec!
  mongoid_slug (= 0.6.2)
  rails (= 3.0.4)
  rspec-rails (= 2.0.1)
  ruby-debug19 (= 0.11.6)
  shoulda (= 2.11.3)
  unicorn (= 3.6.2)
